GIT
  remote: https://github.com/Paradem/bridgetown-dato.git
  revision: 3839b9ce4ca2175cde8ea5dbcb201e4f12dedc2b
  specs:
    bridgetown-dato (0.1.0)
      bridgetown (>= 1.0, < 2.0)
      dato (>= 0.1, < 1.0)
      dotenv (>= 2.0, < 3.0)

GIT
  remote: https://github.com/Paradem/dast_document.git
  revision: 6010ed5db1c82013a8dea9e796ce52fca74668e5
  specs:
    dast_document (0.0.1)
      nokogiri (>= 1.13.4)

GEM
  remote: https://rubygems.org/
  specs:
    actionview (7.0.3.1)
      activesupport (= 7.0.3.1)
      builder (~> 3.1)
      erubi (~> 1.4)
      rails-dom-testing (~> 2.0)
      rails-html-sanitizer (~> 1.1, >= 1.2.0)
    activemodel (7.0.3.1)
      activesupport (= 7.0.3.1)
    activesupport (7.0.3.1)
      concurrent-ruby (~> 1.0, >= 1.0.2)
      i18n (>= 1.6, < 2)
      minitest (>= 5.1)
      tzinfo (~> 2.0)
    addressable (2.8.0)
      public_suffix (>= 2.0.2, < 5.0)
    amazing_print (1.4.0)
    bridgetown (1.1.0)
      bridgetown-builder (= 1.1.0)
      bridgetown-core (= 1.1.0)
      bridgetown-paginate (= 1.1.0)
    bridgetown-builder (1.1.0)
      bridgetown-core (= 1.1.0)
    bridgetown-core (1.1.0)
      activemodel (>= 6.0, < 8.0)
      activesupport (>= 6.0, < 8.0)
      addressable (~> 2.4)
      amazing_print (~> 1.2)
      colorator (~> 1.0)
      erubi (~> 1.9)
      faraday (~> 1.0)
      faraday_middleware (~> 1.0)
      hash_with_dot_access (~> 1.2)
      i18n (~> 1.0)
      kramdown (~> 2.1)
      kramdown-parser-gfm (~> 1.0)
      liquid (~> 5.0)
      listen (~> 3.0)
      rake (>= 13.0)
      roda (~> 3.46)
      rouge (~> 3.0)
      serbea (~> 1.0)
      terminal-table (~> 1.8)
      thor (~> 1.1)
      tilt (~> 2.0)
      webrick (~> 1.7)
      zeitwerk (~> 2.5)
    bridgetown-inline-svg (1.1.1)
      bridgetown (>= 0.15, < 2.0)
      svg_optimizer (~> 0.2.5)
    bridgetown-paginate (1.1.0)
      bridgetown-core (= 1.1.0)
    bridgetown-svg-inliner (1.0.2)
      bridgetown (>= 0.20, < 2.0)
      nokogiri
    builder (3.2.4)
    byebug (11.1.3)
    cacert (0.6.0)
    colorator (1.1.0)
    concurrent-ruby (1.1.10)
    crass (1.0.6)
    dato (0.8.2)
      activesupport (>= 4.2.7)
      addressable
      cacert
      dato_json_schema
      dotenv
      faraday (>= 0.9.0)
      faraday_middleware (>= 0.9.0)
      imgix (~> 4)
      listen
      mime-types
      pusher-client
      thor
      toml
    dato_json_schema (0.20.9)
    dotenv (2.8.1)
    erubi (1.11.0)
    faraday (1.10.0)
      faraday-em_http (~> 1.0)
      faraday-em_synchrony (~> 1.0)
      faraday-excon (~> 1.1)
      faraday-httpclient (~> 1.0)
      faraday-multipart (~> 1.0)
      faraday-net_http (~> 1.0)
      faraday-net_http_persistent (~> 1.0)
      faraday-patron (~> 1.0)
      faraday-rack (~> 1.0)
      faraday-retry (~> 1.0)
      ruby2_keywords (>= 0.0.4)
    faraday-em_http (1.0.0)
    faraday-em_synchrony (1.0.0)
    faraday-excon (1.1.0)
    faraday-httpclient (1.0.1)
    faraday-multipart (1.0.4)
      multipart-post (~> 2)
    faraday-net_http (1.0.1)
    faraday-net_http_persistent (1.2.0)
    faraday-patron (1.0.0)
    faraday-rack (1.0.0)
    faraday-retry (1.0.3)
    faraday_middleware (1.2.0)
      faraday (~> 1.0)
    ffi (1.15.5)
    hash_with_dot_access (1.2.0)
      activesupport (>= 5.0.0, < 8.0)
    i18n (1.12.0)
      concurrent-ruby (~> 1.0)
    imgix (4.0.3)
    json (2.6.2)
    kramdown (2.4.0)
      rexml
    kramdown-parser-gfm (1.1.0)
      kramdown (~> 2.0)
    liquid (5.4.0)
    listen (3.7.1)
      rb-fsevent (~> 0.10, >= 0.10.3)
      rb-inotify (~> 0.9, >= 0.9.10)
    loofah (2.18.0)
      crass (~> 1.0.2)
      nokogiri (>= 1.5.9)
    mime-types (3.4.1)
      mime-types-data (~> 3.2015)
    mime-types-data (3.2022.0105)
    minitest (5.16.2)
    multipart-post (2.2.3)
    nio4r (2.5.8)
    nokogiri (1.13.8-x86_64-darwin)
      racc (~> 1.4)
    parslet (2.0.0)
    public_suffix (4.0.7)
    puma (5.6.4)
      nio4r (~> 2.0)
    pusher-client (0.6.2)
      json
      websocket (~> 1.0)
    racc (1.6.0)
    rack (2.2.4)
    rails-dom-testing (2.0.3)
      activesupport (>= 4.2.0)
      nokogiri (>= 1.6)
    rails-html-sanitizer (1.4.3)
      loofah (~> 2.3)
    rake (13.0.6)
    rb-fsevent (0.11.1)
    rb-inotify (0.10.1)
      ffi (~> 1.0)
    rexml (3.2.5)
    roda (3.58.0)
      rack
    rouge (3.30.0)
    ruby2_keywords (0.0.5)
    serbea (1.0.1)
      activesupport (>= 6.0)
      erubi (>= 1.10)
      tilt (~> 2.0)
    svg_optimizer (0.2.6)
      nokogiri
    terminal-table (1.8.0)
      unicode-display_width (~> 1.1, >= 1.1.1)
    thor (1.2.1)
    tilt (2.0.11)
    toml (0.3.0)
      parslet (>= 1.8.0, < 3.0.0)
    tzinfo (2.0.5)
      concurrent-ruby (~> 1.0)
    unicode-display_width (1.8.0)
    webrick (1.7.0)
    websocket (1.2.9)
    zeitwerk (2.6.0)

PLATFORMS
  x86_64-darwin-21

DEPENDENCIES
  actionview
  bridgetown (~> 1.1.0)
  bridgetown-dato!
  bridgetown-inline-svg (~> 1.1)
  bridgetown-svg-inliner (~> 1.0)
  byebug
  dast_document!
  puma (~> 5.6)

BUNDLED WITH
   2.3.14
